PATH
  remote: .
  specs:
    embulk-input-random_crm_dummy (0.1.0)
      faker (= 1.8.7)

GEM
  remote: https://rubygems.org/
  specs:
    concurrent-ruby (1.1.6)
    docile (1.3.2)
    embulk (0.8.39-java)
      bundler (>= 1.10.6)
      liquid (~> 4.0.0)
      msgpack (~> 1.1.0)
      rjack-icu (~> 4.54.1.1)
    everyleaf-embulk_helper (0.0.6)
    faker (1.8.7)
      i18n (>= 0.7)
    i18n (1.8.4)
      concurrent-ruby (~> 1.0)
    json (2.3.1-java)
    liquid (4.0.3)
    msgpack (1.1.0-java)
    power_assert (1.2.0)
    rake (13.0.1)
    rjack-icu (4.54.1.1-java)
    rr (1.2.1)
    simplecov (0.16.1)
      docile (~> 1.1)
      json (>= 1.8, < 3)
      simplecov-html (~> 0.10.0)
    simplecov-html (0.10.2)
    test-unit (3.3.6)
      power_assert
    test-unit-rr (1.0.5)
      rr (>= 1.1.1)
      test-unit (>= 2.5.2)

PLATFORMS
  java

DEPENDENCIES
  bundler (>= 1.10.6)
  embulk (>= 0.8.39)
  embulk-input-random_crm_dummy!
  everyleaf-embulk_helper
  rake (>= 12.3.3)
  rr
  simplecov (<= 0.16.1)
  test-unit
  test-unit-rr

BUNDLED WITH
   1.16.1
